PATH
  remote: .
  specs:
    jhall_palindrome (0.4.0)

GEM
  remote: https://rubygems.org/
  specs:
    ansi (1.5.0)
    builder (3.2.4)
    minitest (5.14.0)
    minitest-reporters (1.2.0)
      ansi
      builder
      minitest (>= 5.0)
      ruby-progressbar
    rake (10.5.0)
    ruby-progressbar (1.10.1)
    win32console (1.3.2)

PLATFORMS
  x64-mingw32

DEPENDENCIES
  bundler (~> 1.17)
  jhall_palindrome!
  minitest (~> 5.0)
  minitest-reporters (= 1.2.0)
  rake (~> 10.0)
  win32console

BUNDLED WITH
   1.17.2
